GEM
  remote: https://rubygems.org/
  specs:
    atk (3.4.1)
      glib2 (= 3.4.1)
    cairo (1.16.5)
      native-package-installer (>= 1.0.3)
      pkg-config (>= 1.2.2)
    cairo-gobject (3.4.1)
      cairo (>= 1.16.2)
      glib2 (= 3.4.1)
    docopt (0.6.1)
    equatable (0.6.1)
    gdk3 (3.4.1)
      cairo-gobject (= 3.4.1)
      gdk_pixbuf2 (= 3.4.1)
      pango (= 3.4.1)
    gdk_pixbuf2 (3.4.1)
      gio2 (= 3.4.1)
    gio2 (3.4.1)
      gobject-introspection (= 3.4.1)
    glib2 (3.4.1)
      native-package-installer (>= 1.0.3)
      pkg-config (>= 1.3.5)
    gobject-introspection (3.4.1)
      glib2 (= 3.4.1)
    gtk3 (3.4.1)
      atk (= 3.4.1)
      gdk3 (= 3.4.1)
      gdk_pixbuf2 (= 3.4.1)
      gio2 (= 3.4.1)
      pango (= 3.4.1)
    mini_portile2 (2.4.0)
    native-package-installer (1.0.9)
    necromancer (0.5.1)
    nokogiri (1.10.8)
      mini_portile2 (~> 2.4.0)
    pango (3.4.1)
      cairo-gobject (= 3.4.1)
      gobject-introspection (= 3.4.1)
    pastel (0.7.3)
      equatable (~> 0.6)
      tty-color (~> 0.5)
    pkg-config (1.4.1)
    rake (12.3.3)
    strings (0.1.8)
      strings-ansi (~> 0.1)
      unicode-display_width (~> 1.5)
      unicode_utils (~> 1.4)
    strings-ansi (0.2.0)
    tty-color (0.5.1)
    tty-screen (0.7.1)
    tty-table (0.11.0)
      equatable (~> 0.6)
      necromancer (~> 0.5)
      pastel (~> 0.7.2)
      strings (~> 0.1.5)
      tty-screen (~> 0.7)
    unicode-display_width (1.6.1)
    unicode_utils (1.4.0)

PLATFORMS
  ruby

DEPENDENCIES
  docopt (~> 0.6.1)
  gtk3 (~> 3.3)
  nokogiri (~> 1.10)
  rake (~> 12.3)
  tty-table (~> 0.11.0)

BUNDLED WITH
   2.1.4
